GEM
  remote: https://rubygems.org/
  specs:
    rack (3.1.8)
    rackup (2.2.1)
      rack (>= 3)
    rainbow (3.1.1)
    thor (1.3.2)

PLATFORMS
  arm64-darwin-23
  ruby

DEPENDENCIES
  rack (~> 3.1)
  rackup (~> 2.2)
  rainbow (~> 3.1)
  thor (~> 1.3)

BUNDLED WITH
   2.5.16
