GEM
  remote: https://rubygems.org/
  specs:
    logger (1.6.5)
    minitest (5.25.4)
    rack (3.1.8)
    rackup (2.2.1)
      rack (>= 3)
    rainbow (3.1.1)
    rake (13.2.1)
    thor (1.3.2)

PLATFORMS
  arm64-darwin-23
  ruby

DEPENDENCIES
  logger (~> 1.6)
  minitest (~> 5.25)
  rack (~> 3.1)
  rackup (~> 2.2)
  rainbow (~> 3.1)
  rake (~> 13.2)
  thor (~> 1.3)

RUBY VERSION
   ruby 3.3.5p100

BUNDLED WITH
   2.5.16
