GEM
  remote: https://rubygems.org/
  specs:
    addressable (2.8.7)
      public_suffix (>= 2.0.2, < 7.0)
    bigdecimal (3.1.9)
    crack (1.0.0)
      bigdecimal
      rexml
    csv (3.3.2)
    hashdiff (1.1.2)
    httparty (0.22.0)
      csv
      mini_mime (>= 1.0.0)
      multi_xml (>= 0.5.2)
    logger (1.6.5)
    mini_mime (1.1.5)
    minitest (5.25.4)
    multi_xml (0.7.1)
      bigdecimal (~> 3.1)
    public_suffix (6.0.1)
    rack (3.1.8)
    rackup (2.2.1)
      rack (>= 3)
    rainbow (3.1.1)
    rake (13.2.1)
    rexml (3.4.0)
    thor (1.3.2)
    webmock (3.24.0)
      addressable (>= 2.8.0)
      crack (>= 0.3.2)
      hashdiff (>= 0.4.0, < 2.0.0)

PLATFORMS
  arm64-darwin-23
  ruby

DEPENDENCIES
  httparty (~> 0.22.0)
  logger (~> 1.6)
  minitest (~> 5.25)
  rack (~> 3.1)
  rackup (~> 2.2)
  rainbow (~> 3.1)
  rake (~> 13.2)
  thor (~> 1.3)
  webmock (~> 3.24)

RUBY VERSION
   ruby 3.3.5p100

BUNDLED WITH
   2.5.16
